GEM
  remote: https://rubygems.org/
  specs:
    nokogiri (1.5.5)
    rack (1.5.2)
    rack-protection (1.5.0)
      rack
    rack-rewrite (1.3.3)
    rake (10.0.3)
    redcarpet (2.2.2)
    shotgun (0.9)
      rack (>= 1.0)
    sinatra (1.4.2)
      rack (~> 1.5, >= 1.5.2)
      rack-protection (~> 1.4)
      tilt (~> 1.3, >= 1.3.4)
    tilt (1.3.7)

PLATFORMS
  ruby

DEPENDENCIES
  nokogiri
  rack-rewrite
  rake
  redcarpet
  shotgun
  sinatra
